GEM
  remote: http://rubygems.org/
  specs:
    jruby-jars (9.0.3.0)
    rake (10.4.2)
    rubydoop (1.2.1)

PLATFORMS
  java
  ruby

DEPENDENCIES
  jruby-jars (= 9.0.3.0)
  rake
  rubydoop

BUNDLED WITH
   1.10.6
