GEM
  remote: http://rubygems.org/
  specs:
    jruby-jars (1.7.1)
    rake (10.4.2)
    rubydoop (1.2.1)

PLATFORMS
  ruby

DEPENDENCIES
  jruby-jars (= 1.7.1)
  rake
  rubydoop

BUNDLED WITH
   1.10.6
